GEM
  remote: https://rubygems.org/
  specs:
    chunky_png (1.3.1)
    compass (0.12.6)
      chunky_png (~> 1.2)
      fssm (>= 0.2.7)
      sass (~> 3.2.19)
    foundation (1.0.4)
      thor (>= 0.18.1)
    fssm (0.2.10)
    sass (3.2.19)
    thor (0.19.1)

PLATFORMS
  x64-mingw32

DEPENDENCIES
  compass
  foundation
